PATH
  remote: .
  specs:
    stronghold (0.0.2)
      excon

GEM
  remote: https://rubygems.org/
  specs:
    excon (0.33.0)
    rake (10.3.1)

PLATFORMS
  ruby

DEPENDENCIES
  bundler (~> 1.3)
  rake
  stronghold!
